GEM
  remote: http://rubygems.org/
  specs:
    ruby-mp3info (0.6.15)
    shoes (3.0.1)

PLATFORMS
  ruby
  x86-mingw32

DEPENDENCIES
  ruby-mp3info
  shoes
