GEM
  remote: http://rubygems.org/
  specs:
    ruby-mp3info (0.6.15)

PLATFORMS
  ruby
  x86-mingw32

DEPENDENCIES
  ruby-mp3info
